GEM
  specs:
    thrift (0.9.2.0)

PLATFORMS
  ruby

DEPENDENCIES
  thrift
